PATH
  remote: .
  specs:
    trooper (0.6.0)
      net-ssh (~> 2.3.0)

GEM
  remote: http://rubygems.org/
  specs:
    coderay (1.0.5)
    diff-lcs (1.1.3)
    ffi (1.0.11)
    guard (1.0.0)
      ffi (>= 0.5.0)
      thor (~> 0.14.6)
    guard-rspec (0.6.0)
      guard (>= 0.10.0)
    json (1.6.5)
    method_source (0.7.0)
    multi_json (1.0.4)
    net-ssh (2.3.0)
    pry (0.9.8.2)
      coderay (~> 1.0.5)
      method_source (~> 0.7)
      slop (>= 2.4.4, < 3)
    rb-fsevent (0.9.0)
    rdoc (3.12)
      json (~> 1.4)
    rspec (2.8.0)
      rspec-core (~> 2.8.0)
      rspec-expectations (~> 2.8.0)
      rspec-mocks (~> 2.8.0)
    rspec-core (2.8.0)
    rspec-expectations (2.8.0)
      diff-lcs (~> 1.1.2)
    rspec-mocks (2.8.0)
    sdoc (0.3.16)
      json (>= 1.1.3)
      rdoc (~> 3.10)
    simplecov (0.5.4)
      multi_json (~> 1.0.3)
      simplecov-html (~> 0.5.3)
    simplecov-html (0.5.3)
    slop (2.4.4)
    thor (0.14.6)
    yard (0.7.5)

PLATFORMS
  ruby

DEPENDENCIES
  guard-rspec (~> 0.6)
  pry (~> 0.9)
  rb-fsevent
  rspec (~> 2.8)
  sdoc (~> 0.3.16)
  simplecov (~> 0.5.4)
  trooper!
  yard (~> 0.7)
