PATH
  remote: .
  specs:
    trooper (0.6.1)
      net-ssh (~> 2.5.2)

GEM
  remote: http://rubygems.org/
  specs:
    coderay (1.0.7)
    diff-lcs (1.1.3)
    ffi (1.0.11)
    guard (1.2.3)
      listen (>= 0.4.2)
      thor (>= 0.14.6)
    guard-rspec (1.2.0)
      guard (>= 1.1)
    json (1.7.3)
    listen (0.4.7)
      rb-fchange (~> 0.0.5)
      rb-fsevent (~> 0.9.1)
      rb-inotify (~> 0.8.8)
    method_source (0.8)
    multi_json (1.3.6)
    net-ssh (2.5.2)
    pry (0.9.10)
      coderay (~> 1.0.5)
      method_source (~> 0.8)
      slop (~> 3.3.1)
    rake (0.9.2.2)
    rb-fchange (0.0.5)
      ffi
    rb-fsevent (0.9.1)
    rb-inotify (0.8.8)
      ffi (>= 0.5.0)
    rdoc (3.12)
      json (~> 1.4)
    rspec (2.11.0)
      rspec-core (~> 2.11.0)
      rspec-expectations (~> 2.11.0)
      rspec-mocks (~> 2.11.0)
    rspec-core (2.11.0)
    rspec-expectations (2.11.1)
      diff-lcs (~> 1.1.3)
    rspec-mocks (2.11.1)
    sdoc (0.3.16)
      json (>= 1.1.3)
      rdoc (~> 3.10)
    simplecov (0.6.4)
      multi_json (~> 1.0)
      simplecov-html (~> 0.5.3)
    simplecov-html (0.5.3)
    slop (3.3.2)
    thor (0.15.4)
    yard (0.8.2.1)

PLATFORMS
  ruby

DEPENDENCIES
  guard-rspec (~> 1.2)
  jruby-openssl
  pry (~> 0.9)
  rake (~> 0.9.2)
  rb-fsevent
  rspec (~> 2.11)
  sdoc (~> 0.3.16)
  simplecov (~> 0.6.4)
  trooper!
  yard (~> 0.8)
